NUGET
  remote: https://nuget.org/api/v2
  specs:
    FSharp.Compiler.Service (1.4.2)
    FSharpVSPowerTools.Core (2.1.0)
      FSharp.Compiler.Service (>= 1.4.0.6)
